GEM
  remote: https://rubygems.org/
  specs:
    activesupport (4.0.0)
      i18n (~> 0.6, >= 0.6.4)
      minitest (~> 4.2)
      multi_json (~> 1.3)
      thread_safe (~> 0.1)
      tzinfo (~> 0.3.37)
    atomic (1.1.13)
    awesome_print (1.1.0)
    faraday (0.8.8)
      multipart-post (~> 1.2.0)
    faraday_middleware (0.9.0)
      faraday (>= 0.7.4, < 0.9)
    hashie (2.0.5)
    httparty (0.11.0)
      multi_json (~> 1.0)
      multi_xml (>= 0.5.2)
    i18n (0.6.5)
    itunes (0.6.0)
      faraday_middleware (~> 0.7)
      multi_json (~> 1.0)
      rash (~> 0.3)
    json (1.8.0)
    mini_portile (0.5.1)
    minitest (4.7.5)
    multi_json (1.7.9)
    multi_xml (0.5.5)
    multipart-post (1.2.0)
    netflix4r (0.2.0)
      activesupport
      activesupport
      json
      json
      nokogiri
      nokogiri
      ruby-hmac
      ruby-hmac
    nokogiri (1.6.0)
      mini_portile (~> 0.5.0)
    rash (0.4.0)
      hashie (~> 2.0.0)
    ruby-hmac (0.4.0)
    thread_safe (0.1.2)
      atomic
    tzinfo (0.3.37)
    xml-simple (1.1.2)

PLATFORMS
  ruby

DEPENDENCIES
  awesome_print
  httparty
  itunes
  netflix4r
  xml-simple
