GEM
  remote: https://rubygems.org/
  specs:
    activesupport (3.2.11)
      i18n (~> 0.6)
      multi_json (~> 1.0)
    awesome_print (1.1.0)
    faraday (0.8.5)
      multipart-post (~> 1.1)
    faraday_middleware (0.9.0)
      faraday (>= 0.7.4, < 0.9)
    hashie (1.2.0)
    httparty (0.10.2)
      multi_json (~> 1.0)
      multi_xml (>= 0.5.2)
    i18n (0.6.1)
    itunes (0.6.0)
      faraday_middleware (~> 0.7)
      multi_json (~> 1.0)
      rash (~> 0.3)
    json (1.7.6)
    multi_json (1.5.0)
    multi_xml (0.5.3)
    multipart-post (1.1.5)
    netflix4r (0.2.0)
      activesupport
      activesupport
      json
      json
      nokogiri
      nokogiri
      ruby-hmac
      ruby-hmac
    nokogiri (1.5.6)
    rash (0.3.2)
      hashie (~> 1.2.0)
    ruby-hmac (0.4.0)
    xml-simple (1.1.2)

PLATFORMS
  ruby

DEPENDENCIES
  awesome_print
  httparty
  itunes
  netflix4r
  xml-simple
